GEM
  remote: http://rubygems.org/
  specs:
    actionmailer (2.3.12)
      actionpack (= 2.3.12)
    actionpack (2.3.12)
      activesupport (= 2.3.12)
      rack (~> 1.1.0)
    activerecord (2.3.12)
      activesupport (= 2.3.12)
    activeresource (2.3.12)
      activesupport (= 2.3.12)
    activesupport (2.3.12)
    annotate (2.4.0)
    capistrano (2.5.19)
      highline
      net-scp (>= 1.0.0)
      net-sftp (>= 2.0.0)
      net-ssh (>= 2.0.14)
      net-ssh-gateway (>= 1.0.0)
    capistrano-ext (1.2.1)
      capistrano (>= 1.0.0)
    crack (0.1.8)
    hashie (0.4.0)
    highline (1.6.1)
    hpricot (0.8.3)
    httparty (0.6.1)
      crack (= 0.1.8)
    multi_json (0.0.5)
    mysql (2.8.1)
    net-scp (1.0.4)
      net-ssh (>= 1.99.1)
    net-sftp (2.0.5)
      net-ssh (>= 2.0.9)
    net-ssh (2.0.23)
    net-ssh-gateway (1.0.1)
      net-ssh (>= 1.99.1)
    oauth (0.4.4)
    rack (1.1.2)
    rails (2.3.12)
      actionmailer (= 2.3.12)
      actionpack (= 2.3.12)
      activerecord (= 2.3.12)
      activeresource (= 2.3.12)
      activesupport (= 2.3.12)
      rake (>= 0.8.3)
    rake (0.9.2)
    shorturl (0.8.8)
    twitter (0.9.12)
      hashie (~> 0.4.0)
      httparty (~> 0.6.1)
      multi_json (~> 0.0.4)
      oauth (~> 0.4.3)

PLATFORMS
  ruby

DEPENDENCIES
  annotate
  capistrano-ext
  hpricot
  mysql
  rails (= 2.3.12)
  shorturl (~> 0.8.4)
  twitter
